GEM
  remote: http://rubygems.org/
  specs:
    concurrent-ruby (1.1.6)
    cpf_utils (1.3.1)
    faker (2.12.0)
      i18n (>= 1.6, < 2)
    i18n (1.8.2)
      concurrent-ruby (~> 1.0)
    tty-cursor (0.7.1)
    tty-spinner (0.9.3)
      tty-cursor (~> 0.7)

PLATFORMS
  ruby

DEPENDENCIES
  cpf_utils
  faker
  tty-spinner

BUNDLED WITH
   1.17.2
